GEM
  remote: https://rubygems.org/
  specs:
    prometheus-client (0.8.0)
      quantile (~> 0.2.1)
    quantile (0.2.1)
    rack (2.0.5)

PLATFORMS
  ruby

DEPENDENCIES
  prometheus-client (~> 0.8.0)
  rack (~> 2.0, >= 2.0.5)

BUNDLED WITH
   1.14.6
